GEM
  remote: https://rubygems.org/
  specs:
    ffi (1.17.0)
    ffi (1.17.0-arm64-darwin)
    sys-proctable (1.3.0)
      ffi (~> 1.1)

PLATFORMS
  ruby
  universal-darwin-24

DEPENDENCIES
  sys-proctable

BUNDLED WITH
   1.17.2
